GIT
  remote: git://github.com/opscode/chef.git
  revision: cbcfa0d666e112e016db5a703370680677d179f9
  branch: master
  specs:
    chef (0.10.2)
      bunny (>= 0.6.0)
      erubis
      highline
      json (>= 1.4.4, <= 1.5.2)
      mixlib-authentication (>= 1.1.0)
      mixlib-cli (>= 1.1.0)
      mixlib-config (>= 1.1.2)
      mixlib-log (>= 1.3.0)
      moneta
      net-ssh (~> 2.1.3)
      net-ssh-multi (~> 1.1.0)
      ohai (>= 0.6.0)
      rest-client (>= 1.0.4, < 1.7.0)
      treetop (~> 1.4.9)
      uuidtools

GIT
  remote: git://github.com/opscode/couchrest.git
  revision: 7dc3fa25e678c602641e29908fe9e31fbc7388df
  specs:
    couchrest (0.23)
      json (>= 1.1.2)
      mime-types (>= 1.15)
      rest-client (>= 0.5)

GIT
  remote: git@github.com:opscode/aws-s3.git
  revision: c2665dba96b203c036d4fe917cc4beb02e94f8ac
  specs:
    aws-s3 (0.6.2.1272580952)
      builder
      mime-types
      xml-simple

GIT
  remote: git@github.com:opscode/mixlib-authentication.git
  revision: f3cd8b31e04aac87f82bb4ae1de6a2bf0ab49401
  branch: master
  specs:
    mixlib-authentication (1.1.5)
      mixlib-log

GIT
  remote: git@github.com:opscode/mixlib-authorization.git
  revision: cbc611f5b983f4aa88b94424e8409637d1f9f81a
  branch: master
  specs:
    mixlib-authorization (1.2.1)
      mixlib-authentication
      mixlib-config
      mixlib-log

GIT
  remote: git@github.com:opscode/mixlib-localization.git
  revision: 5dda67137a4dcd74dc3a144e92963509255eeb32
  specs:
    mixlib-localization (1.0.1)
      mixlib-log

GIT
  remote: git@github.com:opscode/opscode-billing
  revision: ef20537128e1ca3c2c810988745e401a568c6858
  specs:
    opscode-billing (0.1.0)

GEM
  remote: http://rubygems.org/
  specs:
    builder (3.0.0)
    bunny (0.6.0)
    coderay (0.9.7)
    erubis (2.7.0)
    highline (1.6.2)
    json (1.4.6)
    libxml-ruby (1.1.3)
    mime-types (1.16)
    mixlib-cli (1.2.0)
    mixlib-config (1.1.2)
    mixlib-log (1.3.0)
    moneta (0.6.0)
    net-ssh (2.1.4)
    net-ssh-gateway (1.1.0)
      net-ssh (>= 1.99.1)
    net-ssh-multi (1.1)
      net-ssh (>= 2.1.4)
      net-ssh-gateway (>= 0.99.0)
    ohai (0.6.4)
      mixlib-cli
      mixlib-config
      mixlib-log
      systemu
      yajl-ruby
    polyglot (0.3.1)
    rake (0.8.7)
    rb-appscript (0.6.1)
    rest-client (1.6.3)
      mime-types (>= 1.16)
    rspec (1.3.0)
    systemu (2.2.0)
    treetop (1.4.9)
      polyglot (>= 0.3.1)
    uuidtools (2.1.2)
    xml-simple (1.0.14)
    yajl-ruby (0.8.2)

PLATFORMS
  ruby

DEPENDENCIES
  aws-s3!
  chef!
  coderay
  couchrest!
  json (= 1.4.6)
  libxml-ruby (= 1.1.3)
  mixlib-authentication!
  mixlib-authorization!
  mixlib-cli
  mixlib-localization!
  opscode-billing!
  rake
  rb-appscript
  rest-client (~> 1.6.0)
  rspec (= 1.3.0)
